GEM
  remote: http://rubygems.org/
  specs:
    addressable (2.2.8)
    ansi (1.4.3)
    crack (0.3.1)
    diff-lcs (1.1.3)
    httparty (0.8.3)
      multi_json (~> 1.0)
      multi_xml
    json (1.7.4)
    multi_json (1.3.6)
    multi_xml (0.5.1)
    oauth (0.4.6)
    rake (0.9.2.2)
    rspec (2.10.0)
      rspec-core (~> 2.10.0)
      rspec-expectations (~> 2.10.0)
      rspec-mocks (~> 2.10.0)
    rspec-core (2.10.1)
    rspec-expectations (2.10.0)
      diff-lcs (~> 1.1.3)
    rspec-mocks (2.10.1)
    turn (0.9.6)
      ansi
    vcr (2.2.4)
    webmock (1.8.8)
      addressable (~> 2.2.8)
      crack (>= 0.1.7)

PLATFORMS
  ruby

DEPENDENCIES
  httparty
  json
  oauth
  rake
  rspec
  turn
  vcr
  webmock
